GEM
  remote: http://rubygems.org/
  specs:
    clamp (1.3.2)
    diff-lcs (1.4.4)
    progressbar (1.10.1)
    rspec (3.10.0)
      rspec-core (~> 3.10.0)
      rspec-expectations (~> 3.10.0)
      rspec-mocks (~> 3.10.0)
    rspec-core (3.10.0)
      rspec-support (~> 3.10.0)
    rspec-expectations (3.10.0)
      diff-lcs (>= 1.2.0, < 2.0)
      rspec-support (~> 3.10.0)
    rspec-mocks (3.10.0)
      diff-lcs (>= 1.2.0, < 2.0)
      rspec-support (~> 3.10.0)
    rspec-support (3.10.0)
    srt (0.1.4)

PLATFORMS
  x86_64-linux-musl

DEPENDENCIES
  clamp
  progressbar
  rspec
  srt

BUNDLED WITH
   2.2.3
